GEM
  remote: https://rubygems.org/
  specs:
    CFPropertyList (2.3.5)
    addressable (2.8.1)
      public_suffix (>= 2.0.2, < 6.0)
    crack (0.4.3)
      safe_yaml (~> 1.0.0)
    diff-lcs (1.3)
    facter (2.5.1)
      CFPropertyList (~> 2.2)
    hashdiff (0.3.7)
    hiera (1.3.4)
      json_pure
    json_pure (2.1.0)
    metaclass (0.0.4)
    mocha (1.3.0)
      metaclass (~> 0.0.1)
    public_suffix (5.0.0)
    puppet (3.8.5)
      facter (> 1.6, < 3)
      hiera (~> 1.0)
      json_pure
    puppet-lint (2.3.3)
    puppet-syntax (2.4.1)
      rake
    puppetlabs_spec_helper (2.5.1)
      mocha (~> 1.0)
      puppet-lint (~> 2.0)
      puppet-syntax (~> 2.0)
      rspec-puppet (~> 2.0)
    rake (12.3.0)
    rspec (3.7.0)
      rspec-core (~> 3.7.0)
      rspec-expectations (~> 3.7.0)
      rspec-mocks (~> 3.7.0)
    rspec-core (3.7.0)
      rspec-support (~> 3.7.0)
    rspec-expectations (3.7.0)
      diff-lcs (>= 1.2.0, < 2.0)
      rspec-support (~> 3.7.0)
    rspec-mocks (3.7.0)
      diff-lcs (>= 1.2.0, < 2.0)
      rspec-support (~> 3.7.0)
    rspec-puppet (2.6.9)
      rspec
    rspec-support (3.7.0)
    safe_yaml (1.0.4)
    webmock (3.1.1)
      addressable (>= 2.3.6)
      crack (>= 0.3.2)
      hashdiff

PLATFORMS
  ruby

DEPENDENCIES
  puppet (= 3.8.5)
  puppet-lint
  puppetlabs_spec_helper (~> 2.5.1)
  rspec
  rspec-mocks
  rspec-puppet
  webmock

BUNDLED WITH
   1.16.6
